GEM
  remote: https://rubygems.org/
  specs:
    builder (3.2.3)
    httparty (0.15.6)
      multi_xml (>= 0.5.2)
    multi_xml (0.6.0)
    rake (12.0.0)
    sitemap_generator (5.3.1)
      builder (~> 3.0)

PLATFORMS
  ruby

DEPENDENCIES
  httparty
  rake
  sitemap_generator

RUBY VERSION
   ruby 2.4.2p198

BUNDLED WITH
   1.15.4
